GEM
  remote: https://rubygems.org/
  specs:
    oj (2.17.1)

PLATFORMS
  ruby

DEPENDENCIES
  oj

BUNDLED WITH
   1.15.4
